GEM
  remote: https://rubygems.org/
  specs:
    base58 (0.2.3)
    coderay (1.1.3)
    ecdsa (1.2.0)
    merkle_tree (0.2.0)
    method_source (1.0.0)
    pry (0.14.1)
      coderay (~> 1.1)
      method_source (~> 1.0)
    sqlite3 (1.4.2)

PLATFORMS
  x86_64-darwin-20

DEPENDENCIES
  base58
  ecdsa
  merkle_tree
  pry
  sqlite3

RUBY VERSION
   ruby 3.0.0p0

BUNDLED WITH
   2.2.9
